{
	"TaskName": "imagery",
	"Manufacturer": "BioSemi",
	"PowerLineFrequency": 50.0,
	"SamplingFrequency": 512.0,
	"SoftwareFilters": "n/a",
	"RecordingDuration": 379.544921875,
	"RecordingType": "continuous",
	"EEGReference": "CMS/DRL",
	"EEGGround": "n/a",
	"EEGPlacementScheme": "BioSemi 32-channel cap",
	"EEGChannelCount": 32,
	"EOGChannelCount": 0,
	"ECGChannelCount": 0,
	"EMGChannelCount": 0,
	"TriggerChannelCount": 0,
	"ManufacturersModelName": "BioSemi ActiveTwo",
	"CapManufacturer": "BioSemi",
	"HardwareFilters": "n/a",
	"TaskDescription": "[left hand grasping imagery vs rest] Motor imagery with pupillometry augmentation Trial duration: 6.0s, cue: 0.0s, imagery: 6.0s.",
	"Instructions": "n/a",
	"CogAtlasID": "https://www.cognitiveatlas.org/task/id/trm_4c8a834779883/",
	"InstitutionName": "CSIRO",
	"InstitutionAddress": "AU",
	"InstitutionalDepartmentName": "Digital Productivity Flagship",
	"CapManufacturersModelName": "n/a",
	"SubjectArtefactDescription": "n/a",
	"DeviceSerialNumber": "n/a",
	"Description": "EEG recording.",
	"MISCChannelCount": 0
}